GEM
  remote: https://rubygems.org/
  specs:
    minitest (5.8.5)

PLATFORMS
  ruby

DEPENDENCIES
  minitest

RUBY VERSION
   ruby 2.3.0p0

BUNDLED WITH
   1.13.6
